GEM
  remote: https://rubygems.org/
  specs:
    id3tag (0.8.0)
    json (1.8.3)

PLATFORMS
  ruby

DEPENDENCIES
  id3tag
  json
